GIT
  remote: git://github.com/apptopia/byte_buffer.git
  revision: 27a2790f943c96435f3741eddb1210d38d29c079
  specs:
    byte_buffer (0.1.0)

PATH
  remote: .
  specs:
    cassandra-driver (3.2.0)
      ione (~> 1.2)

GEM
  remote: https://rubygems.org/
  specs:
    ansi (1.5.0)
    aruba (0.13.0)
      childprocess (~> 0.5.6)
      contracts (~> 0.9)
      cucumber (>= 1.3.19)
      ffi (~> 1.9.10)
      rspec-expectations (>= 2.99)
      thor (~> 0.19)
    ast (2.2.0)
    builder (3.2.2)
    childprocess (0.5.9)
      ffi (~> 1.0, >= 1.0.11)
    chronic (0.10.2)
    cliver (0.3.2)
    coderay (1.1.1)
    colored (1.2)
    concurrent-ruby (1.0.5)
    contracts (0.13.0)
    cri (2.9.1)
      colored (~> 1.2)
    cucumber (2.3.2)
      builder (>= 2.1.2)
      cucumber-core (~> 1.4.0)
      cucumber-wire (~> 0.0.1)
      diff-lcs (>= 1.1.3)
      gherkin (~> 3.2.0)
      multi_json (>= 1.7.5, < 2.0)
      multi_test (>= 0.1.2)
    cucumber-core (1.4.0)
      gherkin (~> 3.2.0)
    cucumber-wire (0.0.1)
    ddplugin (1.0.1)
    delorean (2.1.0)
      chronic
    diff-lcs (1.2.5)
    docile (1.1.5)
    ffi (1.9.10)
    ffi (1.9.10-java)
    formatador (0.2.5)
    gherkin (3.2.0)
    guard (2.14.1)
      formatador (>= 0.2.4)
      listen (>= 2.7, < 4.0)
      lumberjack (~> 1.0)
      nenv (~> 0.1)
      notiffany (~> 0.0)
      pry (>= 0.9.12)
      shellany (~> 0.0)
      thor (>= 0.18.1)
    guard-compat (1.2.1)
    guard-nanoc (2.1.2)
      guard (~> 2.8)
      guard-compat (~> 1.0)
      nanoc (>= 4.3.8, < 5.0)
    hamster (3.0.0)
      concurrent-ruby (~> 1.0)
    ione (1.2.4)
    json (1.8.6)
    json (1.8.6-java)
    listen (3.1.5)
      rb-fsevent (~> 0.9, >= 0.9.4)
      rb-inotify (~> 0.9, >= 0.9.7)
      ruby_dep (~> 1.2)
    lumberjack (1.0.12)
    lz4-ruby (0.3.3)
    lz4-ruby (0.3.3-java)
    method_source (0.8.2)
    minitest (4.7.5)
    multi_json (1.11.2)
    multi_test (0.1.2)
    nanoc (4.8.0)
      cri (~> 2.8)
      ddplugin (~> 1.0)
      hamster (~> 3.0)
      ref (~> 2.0)
    nenv (0.3.0)
    notiffany (0.1.1)
      nenv (~> 0.1)
      shellany (~> 0.0)
    os (0.9.6)
    parser (2.3.0.6)
      ast (~> 2.2)
    perftools.rb (2.0.4)
    powerpack (0.1.1)
    pry (0.10.4)
      coderay (~> 1.1.0)
      method_source (~> 0.8.1)
      slop (~> 3.4)
    rainbow (2.1.0)
    rake (10.5.0)
    rake-compiler (0.9.5)
      rake
    rb-fsevent (0.10.2)
    rb-inotify (0.9.10)
      ffi (>= 0.5.0, < 2)
    ref (2.0.0)
    rspec (3.4.0)
      rspec-core (~> 3.4.0)
      rspec-expectations (~> 3.4.0)
      rspec-mocks (~> 3.4.0)
    rspec-collection_matchers (1.1.2)
      rspec-expectations (>= 2.99.0.beta1)
    rspec-core (3.4.3)
      rspec-support (~> 3.4.0)
    rspec-expectations (3.4.0)
      diff-lcs (>= 1.2.0, < 2.0)
      rspec-support (~> 3.4.0)
    rspec-mocks (3.4.1)
      diff-lcs (>= 1.2.0, < 2.0)
      rspec-support (~> 3.4.0)
    rspec-support (3.4.1)
    rspec-wait (0.0.8)
      rspec (>= 2.11, < 3.5)
    rubocop (0.37.2)
      parser (>= 2.3.0.4, < 3.0)
      powerpack (~> 0.1)
      rainbow (>= 1.99.1, < 3.0)
      ruby-progressbar (~> 1.7)
      unicode-display_width (~> 0.3)
    ruby-progressbar (1.7.5)
    ruby_dep (1.5.0)
    shellany (0.0.1)
    simplecov (0.11.2)
      docile (~> 1.1.0)
      json (~> 1.8)
      simplecov-html (~> 0.10.0)
    simplecov-html (0.10.0)
    slop (3.6.0)
    snappy (0.0.14)
    snappy (0.0.14-java)
      snappy-jars (~> 1.1.0)
    snappy-jars (1.1.0.1.2-java)
    thor (0.19.1)
    unicode-display_width (0.3.1)
    yard (0.8.7.6)

PLATFORMS
  java
  ruby

DEPENDENCIES
  ansi
  aruba
  bundler (~> 1.6)
  byte_buffer!
  cassandra-driver!
  cliver
  cucumber
  delorean
  guard
  guard-nanoc
  lz4-ruby
  minitest (< 5.0.0)
  os
  perftools.rb
  rake (~> 10.0)
  rake-compiler
  rspec
  rspec-collection_matchers
  rspec-wait
  rubocop (~> 0.36)
  simplecov
  snappy
  yard

BUNDLED WITH
   1.15.3
